{
    "TaskName": "YC2",
    "Manufacturer": "n/a",
    "PowerLineFrequency": 60.0,
    "SamplingFrequency": 1600.0,
    "SoftwareFilters": "n/a",
    "RecordingDuration": 2340.0,
    "RecordingType": "continuous",
    "iEEGReference": "bipolar",
    "ECOGChannelCount": 35,
    "SEEGChannelCount": 33,
    "EEGChannelCount": 0,
    "EOGChannelCount": 0,
    "ECGChannelCount": 0,
    "EMGChannelCount": 0,
    "MiscChannelCount": 0,
    "TriggerChannelCount": 0,
    "TaskDescription": "spatial navigation memory of object locations with open-loop stimulation at encoding",
    "HardwareFilters": "n/a",
    "ElectricalStimulation": true
}
